PATH
  remote: .
  specs:
    ejs (1.1.1)

GEM
  remote: https://rubygems.org/
  specs:
    ansi (1.4.3)
    builder (3.2.2)
    execjs (0.4.0)
      multi_json (~> 1.0)
    minitest (5.5.0)
    minitest-reporters (1.0.8)
      ansi
      builder
      minitest (>= 5.0)
      ruby-progressbar
    multi_json (1.10.1)
    rake (10.4.2)
    ruby-progressbar (1.7.0)

PLATFORMS
  ruby

DEPENDENCIES
  bundler
  ejs!
  execjs
  minitest
  minitest-reporters
  rake
